GEM
  remote: https://rubygems.org/
  specs:
    ast (2.4.0)
    byebug (11.1.1)
    jaro_winkler (1.5.4)
    logger (1.4.2)
    nio4r (2.5.7)
    parallel (1.19.1)
    parser (2.7.0.4)
      ast (~> 2.4.0)
    puma (4.3.8)
      nio4r (~> 2.0)
    rack (2.2.2)
    rainbow (3.0.0)
    rexml (3.2.4)
    rubocop (0.80.1)
      jaro_winkler (~> 1.5.1)
      parallel (~> 1.10)
      parser (>= 2.7.0.1)
      rainbow (>= 2.2.2, < 4.0)
      rexml
      ruby-progressbar (~> 1.7)
      unicode-display_width (>= 1.4.0, < 1.7)
    ruby-progressbar (1.10.1)
    sequel (5.30.0)
    sqlite3 (1.4.2)
    unicode-display_width (1.6.1)

PLATFORMS
  ruby

DEPENDENCIES
  bundler
  byebug
  logger
  puma
  rack
  rubocop
  sequel
  sqlite3

BUNDLED WITH
   2.1.4
